PATH
  remote: .
  specs:
    phrase-droid (0.0.1)
      gli (= 2.11.0)
      httparty
      toml (= 0.0.3)

GEM
  remote: https://rubygems.org/
  specs:
    blankslate (2.1.2.4)
    coderay (1.1.0)
    gli (2.11.0)
    httparty (0.13.1)
      json (~> 1.8)
      multi_xml (>= 0.5.2)
    json (1.8.1)
    method_source (0.8.2)
    multi_xml (0.5.5)
    parslet (1.6.1)
      blankslate (~> 2.0)
    pry (0.9.12.6)
      coderay (~> 1.0)
      method_source (~> 0.8)
      slop (~> 3.4)
    rake (10.3.2)
    rdoc (4.1.1)
      json (~> 1.4)
    slop (3.5.0)
    toml (0.0.3)
      parslet

PLATFORMS
  ruby

DEPENDENCIES
  phrase-droid!
  pry
  rake
  rdoc
